GEM
  remote: http://rubygems.org/
  specs:
    bson (1.2.0)
    bson_ext (1.2.0)
    haml (3.0.24)
    mongo (1.2.0)
      bson (>= 1.2.0)
    rack (1.2.1)
    shotgun (0.8)
      rack (>= 1.0)
    sinatra (1.1.0)
      rack (~> 1.1)
      tilt (~> 1.1)
    thor (0.14.4)
    tilt (1.1)
    utilio (0.0.4)

PLATFORMS
  ruby

DEPENDENCIES
  bson_ext (= 1.2.0)
  bundler (= 1.0.17)
  haml
  mongo (= 1.2.0)
  shotgun
  sinatra
  thor
  utilio
