GEM
  remote: http://rubygems.org/
  specs:
    bson (1.3.1)
    bson_ext (1.3.1)
    haml (3.1.2)
    mongo (1.2.0)
      bson (>= 1.2.0)
    rack (1.3.2)
    shotgun (0.9)
      rack (>= 1.0)
    sinatra (1.2.6)
      rack (~> 1.1)
      tilt (>= 1.2.2, < 2.0)
    thor (0.14.6)
    tilt (1.3.2)
    utilio (0.0.4)

PLATFORMS
  ruby

DEPENDENCIES
  bson_ext (~> 1.3.1)
  bundler (= 1.0.18)
  haml
  mongo (= 1.2.0)
  shotgun
  sinatra
  thor
  utilio
